PATH
  remote: .
  specs:
    nats-pure (2.1.1)

GEM
  remote: https://rubygems.org/
  specs:
    base32 (0.3.4)
    benchmark-ips (2.9.3)
    diff-lcs (1.5.0)
    ed25519 (1.3.0)
    nkeys (0.1.0)
      base32 (~> 0.3)
      ed25519 (~> 1.2)
    rake (13.0.6)
    rspec (3.11.0)
      rspec-core (~> 3.11.0)
      rspec-expectations (~> 3.11.0)
      rspec-mocks (~> 3.11.0)
    rspec-core (3.11.0)
      rspec-support (~> 3.11.0)
    rspec-expectations (3.11.0)
      diff-lcs (>= 1.2.0, < 2.0)
      rspec-support (~> 3.11.0)
    rspec-mocks (3.11.0)
      diff-lcs (>= 1.2.0, < 2.0)
      rspec-support (~> 3.11.0)
    rspec-support (3.11.0)

PLATFORMS
  ruby

DEPENDENCIES
  benchmark-ips
  nats-pure!
  nkeys
  rake
  rspec

BUNDLED WITH
   2.2.22
