PATH
  remote: .
  specs:
    nats-pure (0.5.0)

GEM
  remote: https://rubygems.org/
  specs:
    benchmark-ips (2.7.2)
    diff-lcs (1.3)
    rake (12.3.2)
    rspec (3.8.0)
      rspec-core (~> 3.8.0)
      rspec-expectations (~> 3.8.0)
      rspec-mocks (~> 3.8.0)
    rspec-core (3.8.1)
      rspec-support (~> 3.8.0)
    rspec-expectations (3.8.4)
      diff-lcs (>= 1.2.0, < 2.0)
      rspec-support (~> 3.8.0)
    rspec-mocks (3.8.1)
      diff-lcs (>= 1.2.0, < 2.0)
      rspec-support (~> 3.8.0)
    rspec-support (3.8.2)

PLATFORMS
  ruby

DEPENDENCIES
  benchmark-ips
  nats-pure!
  rake
  rspec

BUNDLED WITH
   2.0.1
